PATH
  remote: .
  specs:
    isbn_extractor (0.0.1)
      concurrent-ruby (~> 1.0, >= 1.0.2)
      epub-parser (~> 0.2, >= 0.2.6)
      pdf-reader (~> 2.0)

GEM
  remote: https://rubygems.org/
  specs:
    Ascii85 (1.0.2)
    addressable (2.5.1)
      public_suffix (~> 2.0, >= 2.0.2)
    afm (0.2.2)
    ansi (1.5.0)
    archive-zip (0.9.0)
      io-like (~> 0.3.0)
    ast (2.3.0)
    builder (3.2.2)
    concurrent-ruby (1.0.5)
    epub-parser (0.3.1)
      addressable (>= 2.3.5)
      archive-zip
      nokogiri (~> 1.6)
      rchardet (>= 1.6.1)
    hashery (2.1.2)
    io-like (0.3.0)
    mini_portile2 (2.1.0)
    minitest (5.9.0)
    minitest-reporters (1.1.10)
      ansi
      builder
      minitest (>= 5.0)
      ruby-progressbar
    nokogiri (1.7.1)
      mini_portile2 (~> 2.1.0)
    parser (2.4.0.0)
      ast (~> 2.2)
    pdf-reader (2.0.0)
      Ascii85 (~> 1.0.0)
      afm (~> 0.2.1)
      hashery (~> 2.0)
      ruby-rc4
      ttfunk
    powerpack (0.1.1)
    public_suffix (2.0.5)
    rainbow (2.2.1)
    rake (11.2.2)
    rake-compiler (1.0.1)
      rake
    rchardet (1.6.1)
    rubocop (0.48.1)
      parser (>= 2.3.3.1, < 3.0)
      powerpack (~> 0.1)
      rainbow (>= 1.99.1, < 3.0)
      ruby-progressbar (~> 1.7)
      unicode-display_width (~> 1.0, >= 1.0.1)
    ruby-progressbar (1.8.1)
    ruby-rc4 (0.1.5)
    ttfunk (1.5.1)
    unicode-display_width (1.2.1)

PLATFORMS
  ruby

DEPENDENCIES
  isbn_extractor!
  minitest (~> 5.9)
  minitest-reporters (~> 1.1)
  rake (~> 11.2)
  rake-compiler (~> 1.0)
  rubocop (~> 0.48.1)

BUNDLED WITH
   1.14.6
